GEM
  remote: http://rubygems.org/
  remote: http://gems.neurogami.com/
  specs:
    awesome_print (1.6.1)
    axiom-types (0.1.1)
      descendants_tracker (~> 0.0.4)
      ice_nine (~> 0.11.0)
      thread_safe (~> 0.3, >= 0.3.1)
    builder (3.2.2)
    coderay (1.1.0)
    coercible (1.0.0)
      descendants_tracker (~> 0.0.1)
    descendants_tracker (0.0.4)
      thread_safe (~> 0.3, >= 0.3.1)
    equalizer (0.0.11)
    faraday (0.11.0)
      multipart-post (>= 1.2, < 3)
    ffi (1.9.10-java)
    gli (2.13.2)
    hoe (3.14.2)
      rake (>= 0.8, < 11.0)
    ice_nine (0.11.2)
    method_source (0.8.2)
    minitest (5.4.1)
    multipart-post (2.0.0)
    pry (0.10.3-java)
      coderay (~> 1.1.0)
      method_source (~> 0.8.1)
      slop (~> 3.4)
      spoon (~> 0.0)
    pry-nav (0.2.4)
      pry (>= 0.9.10, < 0.11.0)
    pry-remote (0.1.8)
      pry (~> 0.9)
      slop (~> 3.0)
    rake (10.1.0)
    rawr (1.8.3)
      rubyzip
      user-choices
    rubyzip (1.1.7)
    s4t-utils (1.0.4)
      hoe (>= 1.3.0)
    slop (3.6.0)
    spoon (0.0.4)
      ffi
    telegram-bot-ruby (0.7.2)
      faraday
      virtus
    thread_safe (0.3.5-java)
    user-choices (1.1.6.1)
      builder (>= 2.1.2)
      s4t-utils (>= 1.0.3)
      xml-simple (>= 1.0.11)
    virtus (1.0.5)
      axiom-types (~> 0.1)
      coercible (~> 1.0)
      descendants_tracker (~> 0.0, >= 0.0.3)
      equalizer (~> 0.0, >= 0.0.9)
    xml-simple (1.1.5)

PLATFORMS
  java

DEPENDENCIES
  awesome_print
  gli
  minitest
  pry
  pry-nav
  pry-remote
  rawr!
  telegram-bot-ruby

BUNDLED WITH
   1.14.4
